GIT
  remote: git://github.com/kristianmandrup/cantango-config.git
  revision: 9ec02caf973d83a922227747958057f84a0afab8
  specs:
    cantango-config (0.2.1)
      cantango-core (~> 0.1.9)
      hashie (~> 1.2)
      rails (>= 3.1)
      sugar-high (>= 0.6.1)
      sweetloader (~> 0.1.6)

GEM
  remote: http://rubygems.org/
  specs:
    actionmailer (3.2.6)
      actionpack (= 3.2.6)
      mail (~> 2.4.4)
    actionpack (3.2.6)
      activemodel (= 3.2.6)
      activesupport (= 3.2.6)
      builder (~> 3.0.0)
      erubis (~> 2.7.0)
      journey (~> 1.0.1)
      rack (~> 1.4.0)
      rack-cache (~> 1.2)
      rack-test (~> 0.6.1)
      sprockets (~> 2.1.3)
    activemodel (3.2.6)
      activesupport (= 3.2.6)
      builder (~> 3.0.0)
    activerecord (3.2.6)
      activemodel (= 3.2.6)
      activesupport (= 3.2.6)
      arel (~> 3.0.2)
      tzinfo (~> 0.3.29)
    activeresource (3.2.6)
      activemodel (= 3.2.6)
      activesupport (= 3.2.6)
    activesupport (3.2.6)
      i18n (~> 0.6)
      multi_json (~> 1.0)
    arel (3.0.2)
    builder (3.0.0)
    cancan (1.6.8)
    cantango-api (0.1.3)
      cantango-config (>= 0.1.9.2)
      cantango-core (>= 0.1.9.3)
      hashie (~> 1.2)
      rails (>= 3.1)
      sugar-high (~> 0.6.2)
      sweetloader (~> 0.1.6)
    cantango-core (0.1.9.3)
      cancan (>= 1.4)
      hashie (~> 1.2)
      rails (>= 3.0.1)
      sugar-high (>= 0.6.0)
      sweetloader (~> 0.1.5)
    colorize (0.5.8)
    cutter (0.8.2)
      activesupport (>= 2.3.5)
      colorize (>= 0.5)
    database_cleaner (0.7.0)
    diff-lcs (1.1.3)
    erubis (2.7.0)
    factory_girl (2.3.2)
      activesupport
    file_mutate (0.1.3)
      activesupport (>= 3.0.1)
      i18n
      sugar-high (>= 0.6.0)
      sweetloader (>= 0.1.0)
    forgery (0.5.0)
    generator-spec (0.7.8)
      rails (>= 3.0.1)
      rails_artifactor (>= 0.5.0)
      rake (>= 0.8.7)
      require_all (~> 1.2.0)
      rspec (>= 2.4.1)
      sugar-high (>= 0.6.0)
      test-unit (>= 2.0.1)
    git (1.2.5)
    hashie (1.2.0)
    hike (1.2.1)
    i18n (0.6.0)
    jeweler (1.8.4)
      bundler (~> 1.0)
      git (>= 1.2.5)
      rake
      rdoc
    journey (1.0.4)
    json (1.7.3)
    mail (2.4.4)
      i18n (>= 0.4.0)
      mime-types (~> 1.16)
      treetop (~> 1.4.8)
    mime-types (1.19)
    multi_json (1.3.6)
    polyglot (0.3.3)
    rack (1.4.1)
    rack-cache (1.2)
      rack (>= 0.4)
    rack-ssl (1.3.2)
      rack
    rack-test (0.6.1)
      rack (>= 1.0)
    rails (3.2.6)
      actionmailer (= 3.2.6)
      actionpack (= 3.2.6)
      activerecord (= 3.2.6)
      activeresource (= 3.2.6)
      activesupport (= 3.2.6)
      bundler (~> 1.0)
      railties (= 3.2.6)
    rails_artifactor (0.5.1)
      rails_assist (>= 0.5.1)
    rails_assist (0.5.3)
      activesupport (>= 3.0.1)
      file_mutate (~> 0.1.3)
      require_all (~> 1.2.0)
      sugar-high (>= 0.6.0)
    railties (3.2.6)
      actionpack (= 3.2.6)
      activesupport (= 3.2.6)
      rack-ssl (~> 1.3.2)
      rake (>= 0.8.7)
      rdoc (~> 3.4)
      thor (>= 0.14.6, < 2.0)
    rake (0.9.2.2)
    rdoc (3.12)
      json (~> 1.4)
    require_all (1.2.0)
    rspec (2.11.0)
      rspec-core (~> 2.11.0)
      rspec-expectations (~> 2.11.0)
      rspec-mocks (~> 2.11.0)
    rspec-core (2.11.1)
    rspec-expectations (2.11.2)
      diff-lcs (~> 1.1.3)
    rspec-mocks (2.11.2)
    simplecov (0.6.4)
      multi_json (~> 1.0)
      simplecov-html (~> 0.5.3)
    simplecov-html (0.5.3)
    spork (0.8.5)
    sprockets (2.1.3)
      hike (~> 1.2)
      rack (~> 1.0)
      tilt (~> 1.1, != 1.3.0)
    sqlite3 (1.3.5)
    sugar-high (0.6.3)
      activesupport (>= 3.0.1)
    sweetloader (0.1.6)
      activesupport (>= 3.0.1)
      i18n
    test-unit (2.5.0)
    thor (0.15.3)
    tilt (1.3.3)
    treetop (1.4.10)
      polyglot
      polyglot (>= 0.3.1)
    tzinfo (0.3.33)

PLATFORMS
  ruby

DEPENDENCIES
  bundler (>= 1.1)
  cantango-api (>= 0.1.3)
  cantango-config (~> 0.2.0)!
  cutter
  database_cleaner
  factory_girl
  forgery
  generator-spec
  hashie (>= 1.2)
  jeweler (>= 1.8.4)
  rails (>= 3.1)
  require_all (~> 1.2.0)
  rspec (>= 2.8.0)
  simplecov (>= 0.5)
  spork
  sqlite3
  sugar-high (>= 0.6)
  sweetloader (>= 0.1.6)
